GEM
  remote: https://rubygems.org/
  specs:
    baml (0.1.3-x86_64-linux)
    bigdecimal (3.1.5)
    mechanize (1.0.0)
      nokogiri (>= 1.2.1)
    nokogiri (1.16.4-x86_64-linux)
      racc (~> 1.4)
    polyfill (1.9.0)
    racc (1.7.3)
    safe_type (1.1.1)
    sorbet (0.5.11358)
      sorbet-static (= 0.5.11358)
    sorbet-coerce (0.7.0)
      polyfill (~> 1.8)
      safe_type (~> 1.1, >= 1.1.1)
      sorbet-runtime (>= 0.4.4704)
    sorbet-runtime (0.5.11361)
    sorbet-static (0.5.11358-x86_64-linux)
    sorbet-struct-comparable (1.3.0)
      sorbet-runtime (>= 0.5)
    watchman (0.1.1)
      mechanize (= 1.0.0)

PLATFORMS
  x86_64-linux

DEPENDENCIES
  baml (~> 0.1.2)
  bigdecimal
  sorbet
  sorbet-coerce
  sorbet-runtime
  sorbet-struct-comparable
  watchman

BUNDLED WITH
   2.5.3
