GEM
  remote: https://rubygems.org/
  specs:
    baml (0.1.6-arm64-darwin)
    baml (0.1.6-x86_64-darwin)
    baml (0.1.6-x86_64-linux)
    bigdecimal (3.1.7)
    polyfill (1.9.0)
    safe_type (1.1.1)
    sorbet (0.5.11361)
      sorbet-static (= 0.5.11361)
    sorbet-coerce (0.7.0)
      polyfill (~> 1.8)
      safe_type (~> 1.1, >= 1.1.1)
      sorbet-runtime (>= 0.4.4704)
    sorbet-runtime (0.5.11361)
    sorbet-static (0.5.11361-universal-darwin)
    sorbet-static (0.5.11361-x86_64-linux)
    sorbet-struct-comparable (1.3.0)
      sorbet-runtime (>= 0.5)

PLATFORMS
  arm64-darwin
  ruby
  universal-darwin
  x86_64-darwin
  x86_64-linux

DEPENDENCIES
  baml (~> 0.1.6)
  bigdecimal
  sorbet
  sorbet-coerce
  sorbet-runtime
  sorbet-struct-comparable

BUNDLED WITH
   2.5.3
